PATH
  remote: .
  specs:
    krang (0.0.1rc6)
      awesome_print (~> 1.8, >= 1.8.0)
      radiator (~> 0.2, >= 0.2.2rc2)

GEM
  remote: https://rubygems.org/
  specs:
    addressable (2.5.2)
      public_suffix (>= 2.0.2, < 4.0)
    awesome_print (1.8.0)
    bitcoin-ruby (0.0.11)
    byebug (9.1.0)
    chronic (0.10.2)
    codeclimate-test-reporter (0.5.2)
      simplecov (>= 0.7.1, < 1.0.0)
    coderay (1.1.2)
    crack (0.4.3)
      safe_yaml (~> 1.0.0)
    delorean (2.1.0)
      chronic
    docile (1.1.5)
    ethon (0.10.1)
      ffi (>= 1.3.0)
    faraday (0.13.1)
      multipart-post (>= 1.2, < 3)
    ffi (1.9.18)
    hashdiff (0.3.6)
    hashie (3.5.6)
    json (1.8.6)
    little-plugger (1.1.4)
    logging (2.2.2)
      little-plugger (~> 1.1)
      multi_json (~> 1.10)
    method_source (0.8.2)
    minitest (5.10.3)
    minitest-line (0.6.4)
      minitest (~> 5.0)
    minitest-proveit (1.0.0)
      minitest (> 5, < 7)
    multi_json (1.12.2)
    multipart-post (2.0.0)
    net-http-persistent (2.9.4)
    pry (0.11.0)
      coderay (~> 1.1.0)
      method_source (~> 0.8.1)
    public_suffix (3.0.0)
    radiator (0.2.3rc4)
      bitcoin-ruby (= 0.0.11)
      ffi (= 1.9.18)
      hashie (~> 3.5, >= 3.5.5)
      json (~> 1.8, >= 1.8.6)
      logging (~> 2.2, >= 2.2.0)
      net-http-persistent (~> 2.9, >= 2.9.4)
    rake (12.1.0)
    safe_yaml (1.0.4)
    simplecov (0.15.1)
      docile (~> 1.1.0)
      json (>= 1.8, < 3)
      simplecov-html (~> 0.10.0)
    simplecov-html (0.10.2)
    typhoeus (1.3.0)
      ethon (>= 0.9.0)
    vcr (3.0.3)
    webmock (3.0.1)
      addressable (>= 2.3.6)
      crack (>= 0.3.2)
      hashdiff
    yard (0.9.9)

PLATFORMS
  ruby

DEPENDENCIES
  bundler (~> 1.11)
  byebug (~> 9.0, >= 9.0.6)
  codeclimate-test-reporter (~> 0.5.2)
  delorean (~> 2.1, >= 2.1.0)
  faraday (~> 0.12, >= 0.12.1)
  krang!
  minitest (~> 5.10, >= 5.10.2)
  minitest-line (~> 0.6, >= 0.6.4)
  minitest-proveit (~> 1.0, >= 1.0.0)
  pry (~> 0.10, >= 0.10.4)
  rake (~> 12.0, >= 12.0.0)
  simplecov (~> 0.10, >= 0.10.1)
  typhoeus (~> 1.1, >= 1.1.2)
  vcr (~> 3.0, >= 3.0.3)
  webmock (~> 3.0, >= 3.0.1)
  yard (~> 0.9, >= 0.9.9)

BUNDLED WITH
   1.14.6
